GEM
  remote: http://rubygems.org/
  specs:
    actionmailer (2.3.8)
      actionpack (= 2.3.8)
    actionpack (2.3.8)
      activesupport (= 2.3.8)
      rack (~> 1.1.0)
    activerecord (2.3.8)
      activesupport (= 2.3.8)
    activeresource (2.3.8)
      activesupport (= 2.3.8)
    activesupport (2.3.8)
    ar-extensions (0.9.2)
      activerecord (>= 2.1.2)
    eventmachine (0.12.10)
    jberkel-mysql-ruby (2.8.1)
    jrails (0.6.0)
    memcache-client (1.8.5)
    mysql (2.8.1)
    rack (1.1.0)
    rails (2.3.8)
      actionmailer (= 2.3.8)
      actionpack (= 2.3.8)
      activerecord (= 2.3.8)
      activeresource (= 2.3.8)
      activesupport (= 2.3.8)
      rake (>= 0.8.3)
    rake (0.8.7)
    ruby-smpp (0.3.0)
      eventmachine (>= 0.10.0)
    unicorn (1.1.3)
      rack

PLATFORMS
  ruby

DEPENDENCIES
  ar-extensions
  jberkel-mysql-ruby
  jrails
  memcache-client
  mysql
  rails (= 2.3.8)
  ruby-smpp
  unicorn
